GIT
  remote: git://github.com/mrbrdo/posix-spawn.git
  revision: 1ac59329561263cd46f72ecb68ee68c5ba24b5bb
  branch: jruby
  specs:
    posix-spawn (0.3.7)

PATH
  remote: .
  specs:
    gitlab-grit (2.6.0)
      charlock_holmes-jruby (~> 0.1.2)
      diff-lcs (~> 1.1)
      mime-types (~> 1.15)

GEM
  remote: https://rubygems.org/
  specs:
    charlock_holmes-jruby (0.1.2-java)
    coderay (1.0.9)
    colorize (0.5.8)
    coveralls (0.6.7)
      colorize
      multi_json (~> 1.3)
      rest-client
      simplecov (>= 0.7)
      thor
    diff-lcs (1.2.4)
    ffi (1.9.0-java)
    metaclass (0.0.1)
    method_source (0.8.1)
    mime-types (1.23)
    mocha (0.13.3)
      metaclass (~> 0.0.1)
    multi_json (1.7.7)
    pry (0.9.12.2)
      coderay (~> 1.0.5)
      method_source (~> 0.8)
      slop (~> 3.4)
    pry (0.9.12.2-java)
      coderay (~> 1.0.5)
      method_source (~> 0.8)
      slop (~> 3.4)
      spoon (~> 0.0)
    rake (10.1.0)
    rest-client (1.6.7)
      mime-types (>= 1.16)
    rspec (2.14.0)
      rspec-core (~> 2.14.0)
      rspec-expectations (~> 2.14.0)
      rspec-mocks (~> 2.14.0)
    rspec-core (2.14.2)
    rspec-expectations (2.14.0)
      diff-lcs (>= 1.1.3, < 2.0)
    rspec-mocks (2.14.1)
    simplecov (0.7.1)
      multi_json (~> 1.0)
      simplecov-html (~> 0.7.1)
    simplecov-html (0.7.1)
    slop (3.4.5)
    spoon (0.0.4)
      ffi
    thor (0.18.1)

PLATFORMS
  java
  ruby

DEPENDENCIES
  coveralls
  diff-lcs (~> 1.1)
  gitlab-grit!
  mime-types (~> 1.15)
  mocha (~> 0.13.2)
  posix-spawn!
  pry
  rake
  rspec (~> 2.11)
